GEM
  remote: http://rubygems.org/
  specs:
    nexusmotion (0.0.1.beta)
    rake (10.3.2)

PLATFORMS
  ruby

DEPENDENCIES
  nexusmotion (>= 0.0.1.beta)
  rake
