PATH
  remote: /Users/a1673450/dev/nexusmotion
  specs:
    nexusmotion (0.0.2.beta)

GEM
  remote: http://rubygems.org/
  specs:
    rake (10.3.2)

PLATFORMS
  ruby

DEPENDENCIES
  nexusmotion!
  rake (= 10.3.2)
