PATH
  remote: /Users/a1673450/dev/motion-set
  specs:
    motion-set (0.2.0)

GEM
  remote: http://rubygems.org/
  specs:
    bacon (1.2.0)
    colorize (0.7.3)
    rake (10.3.2)

PLATFORMS
  ruby

DEPENDENCIES
  bacon
  colorize
  motion-set!
  rake (= 10.3.2)
